PATH
  remote: /home/giuse/machine_learning_workbench
  specs:
    machine_learning_workbench (0.8.0)
      numo-linalg (~> 0.1)
      numo-narray (~> 0.9)
      parallel (~> 1.12)

GEM
  remote: https://rubygems.org/
  specs:
    binding_of_caller (0.8.0)
      debug_inspector (>= 0.0.1)
    coderay (1.1.2)
    debug_inspector (0.0.3)
    interception (0.5)
    memory_profiler (0.9.10)
    method_source (0.8.2)
    numo-linalg (0.1.2)
      numo-narray (>= 0.9.0.7)
    numo-narray (0.9.1.2)
    parallel (1.12.1)
    pry (0.10.4)
      coderay (~> 1.1.0)
      method_source (~> 0.8.1)
      slop (~> 3.4)
    pry-nav (0.2.4)
      pry (>= 0.9.10, < 0.11.0)
    pry-rescue (1.4.5)
      interception (>= 0.5)
      pry
    pry-stack_explorer (0.4.9.2)
      binding_of_caller (>= 0.7)
      pry (>= 0.9.11)
    pycall (1.0.3)
    rmagick (2.16.0)
    slop (3.6.0)

PLATFORMS
  ruby

DEPENDENCIES
  machine_learning_workbench!
  memory_profiler
  parallel
  pry-nav
  pry-rescue
  pry-stack_explorer
  pycall
  rmagick

BUNDLED WITH
   1.16.1
